GEM
  remote: https://rubygems.org/
  specs:
    builder (3.2.2)
    json (1.8.2)
    log4r (1.1.10)
    mime-types (1.25.1)
    mimemagic (0.2.1)
    mini_portile (0.6.2)
    nokogiri (1.6.6.2)
      mini_portile (~> 0.6.0)
    polyglot (0.3.5)
    slaw (0.6.3)
      builder (~> 3.2.2)
      log4r (~> 1.1.10)
      mimemagic (~> 0.2.1)
      nokogiri (~> 1.6.0)
      thor (~> 0.19.1)
      treetop (~> 1.5)
      yomu (~> 0.2.2)
    thor (0.19.1)
    treetop (1.5.3)
      polyglot (~> 0.3)
    yomu (0.2.2)
      json (~> 1.8)
      mime-types (~> 1.23)

PLATFORMS
  ruby

DEPENDENCIES
  slaw (~> 0.6.3)
