GEM
  remote: https://rubygems.org/
  specs:
    builder (3.2.2)
    expression_parser (0.9.0)
    htmlentities (4.3.3)
    json (1.8.3)
    log4r (1.1.10)
    mime-types (1.25.1)
    mimemagic (0.2.1)
    mini_portile (0.6.2)
    nokogiri (1.6.6.2)
      mini_portile (~> 0.6.0)
    polyglot (0.3.5)
    slaw (0.8.3)
      log4r (~> 1.1.10)
      mimemagic (~> 0.2.1)
      nokogiri (~> 1.6.0)
      thor (~> 0.19.1)
      treetop (~> 1.5)
      wikicloth (~> 0.8.3)
      yomu (~> 0.2.2)
    thor (0.19.1)
    treetop (1.5.3)
      polyglot (~> 0.3)
    twitter-text (1.12.0)
      unf (~> 0.1.0)
    unf (0.1.4)
      unf_ext
    unf_ext (0.0.7.1)
    wikicloth (0.8.3)
      builder
      expression_parser
      htmlentities
      nokogiri
      twitter-text
    yomu (0.2.2)
      json (~> 1.8)
      mime-types (~> 1.23)

PLATFORMS
  ruby

DEPENDENCIES
  slaw (~> 0.8.3)
